GEM
  remote: http://rubygems.org/
  specs:
    cb-api (16.2.2)
      httparty (~> 0.11)
      json (~> 1.7, >= 1.7.7)
      nokogiri (~> 1.0)
      nori (~> 2.2)
    coderay (1.1.0)
    httparty (0.13.3)
      json (~> 1.8)
      multi_xml (>= 0.5.2)
    iconv (1.0.4)
    json (1.8.2)
    method_source (0.8.2)
    mini_portile (0.6.2)
    multi_xml (0.5.5)
    nokogiri (1.6.6.2)
      mini_portile (~> 0.6.0)
    nori (2.4.0)
    pry (0.10.1)
      coderay (~> 1.1.0)
      method_source (~> 0.8.1)
      slop (~> 3.4)
    slop (3.6.0)

PLATFORMS
  ruby

DEPENDENCIES
  cb-api
  iconv
  pry
